PATH
  remote: .
  specs:
    massdriver (0.0.25)

GEM
  remote: https://rubygems.org/
  specs:
    graphviz (0.1.0)
    rake (10.5.0)
    ruby-graphviz (0.9.21)

PLATFORMS
  ruby

DEPENDENCIES
  bundler (~> 1.7)
  graphviz (~> 0)
  massdriver!
  rake (~> 10.0)
  ruby-graphviz (~> 0)
